GEM
  specs:
    byebug (11.1.3)
    sqlite3 (1.4.2)

PLATFORMS
  ruby

DEPENDENCIES
  byebug
  sqlite3

BUNDLED WITH
   2.1.4
